PATH
  remote: .
  specs:
    sinatra-static-assets (0.5.2)
      emk-sinatra-url-for (>= 0.2.1)
      rack (>= 1.0.0)
      sinatra (>= 0.9.1)

GEM
  remote: http://rubygems.org/
  specs:
    emk-sinatra-url-for (0.2.1)
      sinatra (>= 0.9.1.1)
    flexmock (0.9.0)
    mocha (0.9.12)
    rack (1.3.0)
    rack-test (0.6.0)
      rack (>= 1.0)
    sinatra (1.2.6)
      rack (~> 1.1)
      tilt (< 2.0, >= 1.2.2)
    tilt (1.3.2)

PLATFORMS
  ruby

DEPENDENCIES
  flexmock
  mocha
  rack-test (>= 0.3.0)
  sinatra-static-assets!
